GIT
  remote: git://github.com/duritong/moneta.git
  revision: ab14254e4b9b4da596555384189db79bf7edbc8d
  specs:
    moneta (0.6.0)

GEM
  remote: http://rubygems.org/
  specs:
    bcrypt-ruby (2.1.4)
    diff-lcs (1.1.2)
    git (1.2.5)
    highline (1.6.2)
    jeweler (1.6.4)
      bundler (~> 1.0)
      git (>= 1.2.5)
      rake
    mocha (0.9.12)
    rake (0.9.2)
    rcov (0.9.9)
    rdoc (3.8)
    rspec (2.3.0)
      rspec-core (~> 2.3.0)
      rspec-expectations (~> 2.3.0)
      rspec-mocks (~> 2.3.0)
    rspec-core (2.3.1)
    rspec-expectations (2.3.0)
      diff-lcs (~> 1.1.2)
    rspec-mocks (2.3.0)

PLATFORMS
  ruby

DEPENDENCIES
  bcrypt-ruby
  bundler (~> 1.0.0)
  highline
  jeweler (~> 1.6.4)
  mocha
  moneta!
  rcov
  rdoc (~> 3.8)
  rspec (~> 2.3.0)
